GEM
  remote: https://rubygems.org/
  specs:
    backports (3.6.8)
    concurrent-ruby (1.0.4)
    execjs (2.7.0)
    multi_json (1.12.1)
    pg (0.19.0)
    rack (1.6.5)
    rack-protection (1.5.3)
      rack
    rack-test (0.6.3)
      rack (>= 1.0)
    rails_12factor (0.0.3)
      rails_serve_static_assets
      rails_stdout_logging
    rails_serve_static_assets (0.0.5)
    rails_stdout_logging (0.0.5)
    rake (12.0.0)
    redcarpet (3.4.0)
    sass (3.4.23)
    sinatra (1.4.8)
      rack (~> 1.5)
      rack-protection (~> 1.4)
      tilt (>= 1.3, < 3)
    sinatra-contrib (1.4.7)
      backports (>= 2.0)
      multi_json
      rack-protection
      rack-test
      sinatra (~> 1.4.0)
      tilt (>= 1.3, < 3)
    sprockets (3.7.1)
      concurrent-ruby (~> 1.0)
      rack (> 1, < 3)
    tilt (2.0.6)
    uglifier (3.0.4)
      execjs (>= 0.3.0, < 3)

PLATFORMS
  ruby

DEPENDENCIES
  pg
  rails_12factor
  rake
  redcarpet
  sass
  sinatra
  sinatra-contrib
  sprockets
  uglifier

BUNDLED WITH
   1.14.3
